GEM
  remote: http://rubygems.org/
  specs:
    minitest (5.14.4)

PLATFORMS
  ruby

DEPENDENCIES
  minitest

BUNDLED WITH
   2.2.28
